GEM
  remote: https://rubygems.org/
  specs:
    actioncable (7.1.3.2)
      actionpack (= 7.1.3.2)
      activesupport (= 7.1.3.2)
      nio4r (~> 2.0)
      websocket-driver (>= 0.6.1)
      zeitwerk (~> 2.6)
    actionmailbox (7.1.3.2)
      actionpack (= 7.1.3.2)
      activejob (= 7.1.3.2)
      activerecord (= 7.1.3.2)
      activestorage (= 7.1.3.2)
      activesupport (= 7.1.3.2)
      mail (>= 2.7.1)
      net-imap
      net-pop
      net-smtp
    actionmailer (7.1.3.2)
      actionpack (= 7.1.3.2)
      actionview (= 7.1.3.2)
      activejob (= 7.1.3.2)
      activesupport (= 7.1.3.2)
      mail (~> 2.5, >= 2.5.4)
      net-imap
      net-pop
      net-smtp
      rails-dom-testing (~> 2.2)
    actionpack (7.1.3.2)
      actionview (= 7.1.3.2)
      activesupport (= 7.1.3.2)
      nokogiri (>= 1.8.5)
      racc
      rack (>= 2.2.4)
      rack-session (>= 1.0.1)
      rack-test (>= 0.6.3)
      rails-dom-testing (~> 2.2)
      rails-html-sanitizer (~> 1.6)
    actiontext (7.1.3.2)
      actionpack (= 7.1.3.2)
      activerecord (= 7.1.3.2)
      activestorage (= 7.1.3.2)
      activesupport (= 7.1.3.2)
      globalid (>= 0.6.0)
      nokogiri (>= 1.8.5)
    actionview (7.1.3.2)
      activesupport (= 7.1.3.2)
      builder (~> 3.1)
      erubi (~> 1.11)
      rails-dom-testing (~> 2.2)
      rails-html-sanitizer (~> 1.6)
    activejob (7.1.3.2)
      activesupport (= 7.1.3.2)
      globalid (>= 0.3.6)
    activemodel (7.1.3.2)
      activesupport (= 7.1.3.2)
    activemodel-serializers-xml (1.0.2)
      activemodel (> 5.x)
      activesupport (> 5.x)
      builder (~> 3.1)
    activerecord (7.1.3.2)
      activemodel (= 7.1.3.2)
      activesupport (= 7.1.3.2)
      timeout (>= 0.4.0)
    activestorage (7.1.3.2)
      actionpack (= 7.1.3.2)
      activejob (= 7.1.3.2)
      activerecord (= 7.1.3.2)
      activesupport (= 7.1.3.2)
      marcel (~> 1.0)
    activesupport (7.1.3.2)
      base64
      bigdecimal
      concurrent-ruby (~> 1.0, >= 1.0.2)
      connection_pool (>= 2.2.5)
      drb
      i18n (>= 1.6, < 2)
      minitest (>= 5.1)
      mutex_m
      tzinfo (~> 2.0)
    addressable (2.8.6)
      public_suffix (>= 2.0.2, < 6.0)
    ast (2.4.2)
    base64 (0.2.0)
    bcrypt (3.1.20)
    bigdecimal (3.1.8)
    bindex (0.8.1)
    builder (3.3.0)
    cancancan (3.3.0)
    capybara (2.18.0)
      addressable
      mini_mime (>= 0.1.3)
      nokogiri (>= 1.3.3)
      rack (>= 1.0.0)
      rack-test (>= 0.5.4)
      xpath (>= 2.0, < 4.0)
    concurrent-ruby (1.3.4)
    connection_pool (2.4.1)
    crack (1.0.0)
      bigdecimal
      rexml
    crass (1.0.6)
    date (3.3.4)
    devise (4.9.4)
      bcrypt (~> 3.0)
      orm_adapter (~> 0.1)
      railties (>= 4.1.0)
      responders
      warden (~> 1.2.3)
    domain_name (0.6.20240107)
    dotenv (3.1.0)
    dotenv-rails (3.1.0)
      dotenv (= 3.1.0)
      railties (>= 6.1)
    drb (2.2.1)
    erubi (1.13.0)
    globalid (1.2.1)
      activesupport (>= 6.1)
    hashdiff (1.1.0)
    hiredis (0.6.3)
    http-accept (1.7.0)
    http-cookie (1.0.5)
      domain_name (~> 0.5)
    i18n (1.14.6)
      concurrent-ruby (~> 1.0)
    io-console (0.7.2)
    irb (1.14.1)
      rdoc (>= 4.0.0)
      reline (>= 0.4.2)
    json (2.7.2)
    kaminari (1.2.2)
      activesupport (>= 4.1.0)
      kaminari-actionview (= 1.2.2)
      kaminari-activerecord (= 1.2.2)
      kaminari-core (= 1.2.2)
    kaminari-actionview (1.2.2)
      actionview
      kaminari-core (= 1.2.2)
    kaminari-activerecord (1.2.2)
      activerecord
      kaminari-core (= 1.2.2)
    kaminari-core (1.2.2)
    language_server-protocol (3.17.0.3)
    loofah (2.22.0)
      crass (~> 1.0.2)
      nokogiri (>= 1.12.0)
    mail (2.8.1)
      mini_mime (>= 0.1.1)
      net-imap
      net-pop
      net-smtp
    marcel (1.0.4)
    meta-tags (2.20.0)
      actionpack (>= 6.0.0, < 7.2)
    mime-types (3.5.2)
      mime-types-data (~> 3.2015)
    mime-types-data (3.2024.0305)
    mini_mime (1.1.5)
    minitest (5.25.1)
    mutex_m (0.2.0)
    nested_form (0.3.2)
    net-imap (0.4.10)
      date
      net-protocol
    net-pop (0.1.2)
      net-protocol
    net-protocol (0.2.2)
      timeout
    net-smtp (0.5.0)
      net-protocol
    netrc (0.11.0)
    nio4r (2.7.1)
    nokogiri (1.16.7-aarch64-linux)
      racc (~> 1.4)
    nokogiri (1.16.7-arm-linux)
      racc (~> 1.4)
    nokogiri (1.16.7-arm64-darwin)
      racc (~> 1.4)
    nokogiri (1.16.7-x86-linux)
      racc (~> 1.4)
    nokogiri (1.16.7-x86_64-darwin)
      racc (~> 1.4)
    nokogiri (1.16.7-x86_64-linux)
      racc (~> 1.4)
    orm_adapter (0.5.0)
    parallel (1.24.0)
    parser (3.3.0.5)
      ast (~> 2.4.1)
      racc
    pg (1.5.6)
    psych (5.1.2)
      stringio
    public_suffix (5.0.5)
    puma (6.4.2)
      nio4r (~> 2.0)
    racc (1.8.1)
    rack (3.1.7)
    rack-proxy (0.7.7)
      rack
    rack-session (2.0.0)
      rack (>= 3.0.0)
    rack-test (2.1.0)
      rack (>= 1.3)
    rackup (2.1.0)
      rack (>= 3)
      webrick (~> 1.8)
    rails (7.1.3.2)
      actioncable (= 7.1.3.2)
      actionmailbox (= 7.1.3.2)
      actionmailer (= 7.1.3.2)
      actionpack (= 7.1.3.2)
      actiontext (= 7.1.3.2)
      actionview (= 7.1.3.2)
      activejob (= 7.1.3.2)
      activemodel (= 7.1.3.2)
      activerecord (= 7.1.3.2)
      activestorage (= 7.1.3.2)
      activesupport (= 7.1.3.2)
      bundler (>= 1.15.0)
      railties (= 7.1.3.2)
    rails-dom-testing (2.2.0)
      activesupport (>= 5.0.0)
      minitest
      nokogiri (>= 1.6)
    rails-healthcheck (1.4.0)
      actionpack
      railties
    rails-html-sanitizer (1.6.0)
      loofah (~> 2.21)
      nokogiri (~> 1.14)
    rails_admin (3.1.2)
      activemodel-serializers-xml (>= 1.0)
      kaminari (>= 0.14, < 2.0)
      nested_form (~> 0.3)
      rails (>= 6.0, < 8)
      turbo-rails (~> 1.0)
    railties (7.1.3.2)
      actionpack (= 7.1.3.2)
      activesupport (= 7.1.3.2)
      irb
      rackup (>= 1.0.0)
      rake (>= 12.2)
      thor (~> 1.0, >= 1.2.2)
      zeitwerk (~> 2.6)
    rainbow (3.1.1)
    rake (13.2.1)
    rdoc (6.7.0)
      psych (>= 4.0.0)
    redis (4.8.1)
    redis-client (0.21.1)
      connection_pool
    regexp_parser (2.9.0)
    reline (0.5.10)
      io-console (~> 0.5)
    responders (3.1.1)
      actionpack (>= 5.2)
      railties (>= 5.2)
    rest-client (2.1.0)
      http-accept (>= 1.7.0, < 2.0)
      http-cookie (>= 1.0.2, < 2.0)
      mime-types (>= 1.16, < 4.0)
      netrc (~> 0.8)
    rexml (3.2.6)
    rubocop (1.63.0)
      json (~> 2.3)
      language_server-protocol (>= 3.17.0)
      parallel (~> 1.10)
      parser (>= 3.3.0.2)
      rainbow (>= 2.2.2, < 4.0)
      regexp_parser (>= 1.8, < 3.0)
      rexml (>= 3.2.5, < 4.0)
      rubocop-ast (>= 1.31.1, < 2.0)
      ruby-progressbar (~> 1.7)
      unicode-display_width (>= 2.4.0, < 3.0)
    rubocop-ast (1.31.2)
      parser (>= 3.3.0.4)
    rubocop-minitest (0.35.0)
      rubocop (>= 1.61, < 2.0)
      rubocop-ast (>= 1.31.1, < 2.0)
    rubocop-rails (2.24.1)
      activesupport (>= 4.2.0)
      rack (>= 1.1)
      rubocop (>= 1.33.0, < 2.0)
      rubocop-ast (>= 1.31.1, < 2.0)
    ruby-progressbar (1.13.0)
    rubyzip (2.3.2)
    seed_dump (3.3.1)
      activerecord (>= 4)
      activesupport (>= 4)
    selenium-webdriver (4.19.0)
      base64 (~> 0.2)
      rexml (~> 3.2, >= 3.2.5)
      rubyzip (>= 1.2.2, < 3.0)
      websocket (~> 1.0)
    semantic_range (3.0.0)
    sidekiq (7.2.2)
      concurrent-ruby (< 2)
      connection_pool (>= 2.3.0)
      rack (>= 2.2.4)
      redis-client (>= 0.19.0)
    stringio (3.1.1)
    thor (1.3.2)
    timeout (0.4.1)
    turbo-rails (1.5.0)
      actionpack (>= 6.0.0)
      activejob (>= 6.0.0)
      railties (>= 6.0.0)
    tzinfo (2.0.6)
      concurrent-ruby (~> 1.0)
    tzinfo-data (1.2024.1)
      tzinfo (>= 1.0.0)
    unicode-display_width (2.5.0)
    warden (1.2.9)
      rack (>= 2.0.9)
    web-console (4.2.1)
      actionview (>= 6.0.0)
      activemodel (>= 6.0.0)
      bindex (>= 0.4.0)
      railties (>= 6.0.0)
    webmock (3.23.0)
      addressable (>= 2.8.0)
      crack (>= 0.3.2)
      hashdiff (>= 0.4.0, < 2.0.0)
    webpacker (5.4.4)
      activesupport (>= 5.2)
      rack-proxy (>= 0.6.1)
      railties (>= 5.2)
      semantic_range (>= 2.3.0)
    webrick (1.8.2)
    websocket (1.2.10)
    websocket-driver (0.7.6)
      websocket-extensions (>= 0.1.0)
    websocket-extensions (0.1.5)
    xpath (3.2.0)
      nokogiri (~> 1.8)
    zeitwerk (2.6.18)

PLATFORMS
  aarch64-linux
  arm-linux
  arm64-darwin
  x86-linux
  x86_64-darwin
  x86_64-linux

DEPENDENCIES
  cancancan (~> 3.3.0)
  capybara (~> 2.13)
  devise (~> 4.9.3)
  dotenv-rails
  hiredis
  meta-tags (~> 2.20)
  pg
  puma (~> 6.4)
  rails (~> 7.1)
  rails-healthcheck
  rails_admin (~> 3.1)
  redis (~> 4.0)
  rest-client (~> 2.1.0)
  rubocop
  rubocop-minitest
  rubocop-rails
  seed_dump
  selenium-webdriver
  sidekiq (~> 7.0)
  tzinfo-data
  web-console (>= 3.3.0)
  webmock
  webpacker

RUBY VERSION
   ruby 3.1.4p223

BUNDLED WITH
   2.5.7
